GEM
  remote: https://rubygems.org/
  specs:
    diff-lcs (1.2.2)
    rspec (2.13.0)
      rspec-core (~> 2.13.0)
      rspec-expectations (~> 2.13.0)
      rspec-mocks (~> 2.13.0)
    rspec-core (2.13.1)
    rspec-expectations (2.13.0)
      diff-lcs (>= 1.1.3, < 2.0)
    rspec-given (2.4.1)
      rspec (>= 2.11)
      sorcerer (>= 0.3.7)
    rspec-mocks (2.13.0)
    sorcerer (0.3.10)
    watchr (0.7)

PLATFORMS
  ruby

DEPENDENCIES
  rspec (~> 2.13.0)
  rspec-given (~> 2.4.1)
  watchr (~> 0.7.0)
